PATH
  remote: .
  specs:
    errand (0.8.1)
      rrd-ffi (= 0.2.13)

GEM
  remote: http://rubygems.org/
  specs:
    activesupport (3.2.12)
      i18n (~> 0.6)
      multi_json (~> 1.0)
    colorize (0.5.8)
    diff-lcs (1.1.3)
    ffi (1.9.3)
    i18n (0.6.4)
    multi_json (1.8.2)
    rake (0.8.7)
    rrd-ffi (0.2.13)
      activesupport
      ffi
    rspec (2.9.0)
      rspec-core (~> 2.9.0)
      rspec-expectations (~> 2.9.0)
      rspec-mocks (~> 2.9.0)
    rspec-core (2.9.0)
    rspec-expectations (2.9.0)
      diff-lcs (~> 1.1.3)
    rspec-mocks (2.9.0)

PLATFORMS
  ruby

DEPENDENCIES
  colorize
  errand!
  rake
  rspec
